GEM
  remote: https://rubygems.org/
  specs:
    libv8 (7.3.492.27.1)
    mini_racer (0.2.6)
      libv8 (>= 6.9.411)

PLATFORMS
  ruby

DEPENDENCIES
  mini_racer

BUNDLED WITH
   2.0.1
